PATH
  remote: .
  specs:
    rake_terraform (0.17.1)
      rake_dependencies (~> 0.15)
      ruby-terraform (~> 0.11)

GEM
  remote: https://rubygems.org/
  specs:
    activesupport (4.2.7.1)
      i18n (~> 0.7)
      json (~> 1.7, >= 1.7.7)
      minitest (~> 5.1)
      thread_safe (~> 0.3, >= 0.3.4)
      tzinfo (~> 1.1)
    concurrent-ruby (1.0.5)
    diff-lcs (1.3)
    fakefs (0.10.2)
    gem-release (0.7.4)
    hamster (3.0.0)
      concurrent-ruby (~> 1.0)
    i18n (0.8.0)
    json (1.8.6)
    lino (1.1.0)
      hamster (~> 3.0)
      open4 (~> 1.3)
    minitar (0.6.1)
    minitest (5.10.1)
    open4 (1.3.4)
    rake (11.2.2)
    rake_dependencies (0.15.1)
      hamster (~> 3.0)
      minitar (~> 0.6)
      rubyzip (~> 1.1)
    rspec (3.5.0)
      rspec-core (~> 3.5.0)
      rspec-expectations (~> 3.5.0)
      rspec-mocks (~> 3.5.0)
    rspec-core (3.5.4)
      rspec-support (~> 3.5.0)
    rspec-expectations (3.5.0)
      diff-lcs (>= 1.2.0, < 2.0)
      rspec-support (~> 3.5.0)
    rspec-mocks (3.5.0)
      diff-lcs (>= 1.2.0, < 2.0)
      rspec-support (~> 3.5.0)
    rspec-support (3.5.0)
    ruby-terraform (0.13.0)
      lino (~> 1.1)
    rubyzip (1.2.1)
    thread_safe (0.3.5)
    tzinfo (1.2.2)
      thread_safe (~> 0.1)

PLATFORMS
  ruby

DEPENDENCIES
  activesupport (~> 4.2)
  bundler (~> 1.14)
  fakefs (~> 0.10)
  gem-release (~> 0.7)
  rake (~> 11.0)
  rake_terraform!
  rspec (~> 3.0)

BUNDLED WITH
   1.16.2
