PATH
  remote: .
  specs:
    rake_terraform (1.11.0)
      colored2 (~> 3.1)
      rake_dependencies (~> 2, < 3)
      rake_factory (>= 0.23, < 1)
      ruby-terraform (>= 0.62, < 1)

GEM
  remote: https://rubygems.org/
  specs:
    activesupport (5.2.4.4)
      concurrent-ruby (~> 1.0, >= 1.0.2)
      i18n (>= 0.7, < 2)
      minitest (~> 5.1)
      tzinfo (~> 1.1)
    addressable (2.7.0)
      public_suffix (>= 2.0.2, < 5.0)
    colored2 (3.1.2)
    concurrent-ruby (1.1.7)
    diff-lcs (1.4.4)
    excon (0.78.1)
    fakefs (0.20.1)
    faraday (1.1.0)
      multipart-post (>= 1.2, < 3)
      ruby2_keywords
    gem-release (2.2.0)
    hamster (3.0.0)
      concurrent-ruby (~> 1.0)
    i18n (1.8.5)
      concurrent-ruby (~> 1.0)
    lino (1.5.0)
      hamster (~> 3.0)
      open4 (~> 1.3)
    minitar (0.9)
    minitest (5.14.2)
    multipart-post (2.1.1)
    octokit (4.19.0)
      faraday (>= 0.9)
      sawyer (~> 0.8.0, >= 0.5.3)
    open4 (1.3.4)
    public_suffix (4.0.6)
    rake (13.0.1)
    rake_circle_ci (0.9.0)
      colored2 (~> 3.1)
      excon (~> 0.72)
      rake_factory (~> 0.23)
      sshkey (~> 2.0)
    rake_dependencies (2.5.0)
      hamster (~> 3.0)
      minitar (~> 0.9)
      rake_factory (~> 0.23)
      rubyzip (>= 1.3)
    rake_factory (0.27.0)
      activesupport (>= 4)
      rake (~> 13.0)
    rake_github (0.5.0)
      colored2 (~> 3.1)
      octokit (~> 4.16)
      rake_factory (~> 0.23)
      sshkey (~> 2.0)
    rake_gpg (0.14.0)
      rake_factory (>= 0.23, < 1)
      ruby_gpg2 (>= 0.6, < 1)
    rake_ssh (0.4.0)
      colored2 (~> 3.1)
      rake_factory (~> 0.23)
      sshkey (~> 2.0)
    rspec (3.10.0)
      rspec-core (~> 3.10.0)
      rspec-expectations (~> 3.10.0)
      rspec-mocks (~> 3.10.0)
    rspec-core (3.10.0)
      rspec-support (~> 3.10.0)
    rspec-expectations (3.10.0)
      diff-lcs (>= 1.2.0, < 2.0)
      rspec-support (~> 3.10.0)
    rspec-mocks (3.10.0)
      diff-lcs (>= 1.2.0, < 2.0)
      rspec-support (~> 3.10.0)
    rspec-support (3.10.0)
    ruby-terraform (0.62.0)
      lino (>= 1.5)
    ruby2_keywords (0.0.2)
    ruby_gpg2 (0.6.0)
      lino (>= 1.5)
    rubyzip (2.3.0)
    sawyer (0.8.2)
      addressable (>= 2.3.5)
      faraday (> 0.8, < 2.0)
    sshkey (2.0.0)
    thread_safe (0.3.6)
    tzinfo (1.2.8)
      thread_safe (~> 0.1)

PLATFORMS
  ruby

DEPENDENCIES
  activesupport (~> 5.2)
  bundler (~> 2.0)
  fakefs (~> 0.18)
  gem-release (~> 2.0)
  rake (~> 13.0)
  rake_circle_ci (~> 0.9)
  rake_github (~> 0.5)
  rake_gpg (~> 0.12)
  rake_ssh (~> 0.4)
  rake_terraform!
  rspec (~> 3.9)

BUNDLED WITH
   2.2.4
